GEM
  remote: https://rubygems.org/
  specs:
    active_support (3.0.0)
      activesupport (= 3.0.0)
    activesupport (3.0.0)
    i18n (0.6.1)

PLATFORMS
  x86-mingw32

DEPENDENCIES
  active_support
  i18n
